PATH
  remote: .
  specs:
    adapter-pstore (1.0.0)
      adapter (~> 0.5.1)

GEM
  remote: http://rubygems.org/
  specs:
    activesupport (3.1.0)
      multi_json (~> 1.0)
    adapter (0.5.2)
    diff-lcs (1.1.3)
    i18n (0.5.0)
    log_buddy (0.5.0)
    multi_json (1.0.3)
    rspec (2.6.0)
      rspec-core (~> 2.6.0)
      rspec-expectations (~> 2.6.0)
      rspec-mocks (~> 2.6.0)
    rspec-core (2.6.4)
    rspec-expectations (2.6.0)
      diff-lcs (~> 1.1.2)
    rspec-mocks (2.6.0)
    timecop (0.3.5)

PLATFORMS
  ruby

DEPENDENCIES
  activesupport (~> 3)
  adapter-pstore!
  i18n (= 0.5.0)
  log_buddy (~> 0.5.0)
  rspec (~> 2.3)
  timecop (~> 0.3.5)
